PATH
  remote: .
  specs:
    mongo_queue (0.1.2)
      bson_ext
      mongo

GEM
  remote: http://rubygems.org/
  specs:
    bson (1.5.1)
    bson_ext (1.5.1)
    diff-lcs (1.1.3)
    json (1.6.2)
    mongo (1.5.1)
      bson (= 1.5.1)
    rake (0.9.2.2)
    rdoc (3.11)
      json (~> 1.4)
    rspec (2.7.0)
      rspec-core (~> 2.7.0)
      rspec-expectations (~> 2.7.0)
      rspec-mocks (~> 2.7.0)
    rspec-core (2.7.1)
    rspec-expectations (2.7.0)
      diff-lcs (~> 1.1.2)
    rspec-mocks (2.7.0)

PLATFORMS
  ruby

DEPENDENCIES
  mongo_queue!
  rake
  rdoc
  rspec
